PATH
  remote: .
  specs:
    knoc-knoc (0.0.1)

GEM
  remote: http://rubygems.org/
  specs:

PLATFORMS
  ruby

DEPENDENCIES
  knoc-knoc!
