PATH
  remote: .
  specs:
    knoc-knoc (0.0.1)

GEM
  remote: http://rubygems.org/
  specs:
    macaddr (1.0.0)

PLATFORMS
  ruby

DEPENDENCIES
  knoc-knoc!
  macaddr
