PATH
  remote: .
  specs:
    knoc-knoc (0.0.1)

GEM
  remote: http://rubygems.org/
  specs:
    net-ping (1.3.7)

PLATFORMS
  ruby

DEPENDENCIES
  knoc-knoc!
  net-ping (>= 1.3.7)
